NUGET
  remote: https://api.nuget.org/v3/index.json
    FSharp.Core (4.7)
